PATH
  remote: .
  specs:
    gollum_client (0.0.1)
      configatron
      faraday
      faraday_middleware
      nokogiri

GEM
  remote: https://rubygems.org/
  specs:
    addressable (2.3.5)
    configatron (2.13.0)
      yamler (>= 0.1.0)
    crack (0.4.1)
      safe_yaml (~> 0.9.0)
    diff-lcs (1.2.4)
    faraday (0.8.7)
      multipart-post (~> 1.1)
    faraday_middleware (0.9.0)
      faraday (>= 0.7.4, < 0.9)
    mini_portile (0.5.1)
    multipart-post (1.2.0)
    nokogiri (1.6.0)
      mini_portile (~> 0.5.0)
    rake (10.1.0)
    rspec (2.14.1)
      rspec-core (~> 2.14.0)
      rspec-expectations (~> 2.14.0)
      rspec-mocks (~> 2.14.0)
    rspec-core (2.14.3)
    rspec-expectations (2.14.0)
      diff-lcs (>= 1.1.3, < 2.0)
    rspec-mocks (2.14.1)
    safe_yaml (0.9.4)
    vcr (2.5.0)
    webmock (1.11.0)
      addressable (>= 2.2.7)
      crack (>= 0.3.2)
    yamler (0.1.0)

PLATFORMS
  ruby

DEPENDENCIES
  bundler (~> 1.3)
  gollum_client!
  rake
  rspec
  vcr
  webmock (~> 1.11.0)

BUNDLED WITH
   1.10.6
